GEM
  remote: https://rubygems.org/
  specs:
    foreman (0.60.2)
      thor (>= 0.13.6)
    rake (10.0.0)
    thor (0.16.0)

PLATFORMS
  ruby

DEPENDENCIES
  foreman
  rake
